GEM
  remote: https://rubygems.org/
  specs:
    ansi (1.5.0)
    hashie (4.1.0)
    hocho (0.3.7)
      hashie
      itamae
      net-ssh (>= 4.1.0)
      thor
    itamae (1.12.1)
      ansi
      hashie
      schash (~> 0.1.0)
      specinfra (>= 2.64.0, < 3.0.0)
      thor
    net-scp (3.0.0)
      net-ssh (>= 2.6.5, < 7.0.0)
    net-ssh (6.1.0)
    net-telnet (0.1.1)
    power_assert (1.1.4)
    rake (12.3.3)
    schash (0.1.2)
    sfl (2.3)
    specinfra (2.82.25)
      net-scp
      net-ssh (>= 2.7)
      net-telnet (= 0.1.1)
      sfl
    test-unit (3.3.3)
      power_assert
    thor (1.1.0)

PLATFORMS
  ruby

DEPENDENCIES
  hocho
  rake
  test-unit

BUNDLED WITH
   1.17.2
